GEM
  specs:

PLATFORMS
  aarch64-linux

DEPENDENCIES

RUBY VERSION
   ruby 3.1.4p223

BUNDLED WITH
   2.3.26
